GIT
  remote: git://github.com/freerange/freerange-puppet.git
  revision: 36e3d431511ded756d88916bf97c53625ec16cd1
  tag: v1.1.17
  specs:
    freerange-puppet (1.1.17)
      capistrano
      capistrano-ext

GIT
  remote: http://github.com/freerange/deploy.git
  revision: 6b2bb03cf4fa9897dfd31634fcd43d02670c2d0c
  tag: v1.0.11
  specs:
    freerange-deploy (1.0.11)
      capistrano
      capistrano-ext
      json
      request-log-analyzer
      right_aws (= 2.0.0)
      thor
      tinder (= 1.4.1)

GEM
  remote: http://rubygems.org/
  specs:
    activesupport (3.0.3)
    capistrano (2.5.19)
      highline
      net-scp (>= 1.0.0)
      net-sftp (>= 2.0.0)
      net-ssh (>= 2.0.14)
      net-ssh-gateway (>= 1.0.0)
    capistrano-ext (1.2.1)
      capistrano (>= 1.0.0)
    childprocess (0.1.6)
      ffi (~> 0.6.3)
    crack (0.1.8)
    eventmachine (0.12.10)
    ffi (0.6.3)
      rake (>= 0.8.7)
    haml (3.0.25)
    highline (1.6.1)
    httparty (0.7.3)
      crack (= 0.1.8)
    i18n (0.5.0)
    json (1.5.1)
    json_pure (1.5.1)
    less (1.2.21)
      mutter (>= 0.4.2)
      treetop (>= 1.4.2)
    mime-types (1.16)
    mutter (0.5.3)
    net-scp (1.0.4)
      net-ssh (>= 1.99.1)
    net-sftp (2.0.5)
      net-ssh (>= 2.0.9)
    net-ssh (2.1.0)
    net-ssh-gateway (1.0.1)
      net-ssh (>= 1.99.1)
    polyglot (0.3.1)
    rack (1.2.1)
    rake (0.8.7)
    request-log-analyzer (1.9.10)
    right_aws (2.0.0)
      right_http_connection (>= 1.2.1)
    right_http_connection (1.2.4)
    roauth (0.0.3)
    rubyzip (0.9.4)
    selenium-webdriver (0.1.2)
      childprocess (~> 0.1.5)
      ffi (~> 0.6.3)
      json_pure
      rubyzip
    sinatra (1.1.2)
      rack (~> 1.1)
      tilt (~> 1.2)
    sprockets (1.0.2)
    thor (0.14.6)
    tilt (1.2.2)
    tinder (1.4.1)
      activesupport
      eventmachine
      httparty
      mime-types
      twitter-stream
    treetop (1.4.9)
      polyglot (>= 0.3.1)
    twitter-stream (0.1.10)
      eventmachine (>= 0.12.8)
      roauth (>= 0.0.2)

PLATFORMS
  ruby

DEPENDENCIES
  capistrano
  freerange-deploy!
  freerange-puppet!
  haml
  i18n
  less
  rake
  selenium-webdriver
  sinatra
  sprockets
